PATH
  remote: .
  specs:
    metainspector (5.15.0)
      addressable (~> 2.8.4)
      faraday (~> 2.5)
      faraday-cookie_jar (~> 0.0)
      faraday-encoding (~> 0.0)
      faraday-follow_redirects (~> 0.3)
      faraday-gzip (>= 0.1, < 2.0)
      faraday-http-cache (~> 2.5)
      faraday-retry (~> 2.0)
      fastimage (~> 2.2)
      nesty (~> 1.0)
      nokogiri (~> 1.13)

GEM
  remote: http://rubygems.org/
  specs:
    addressable (2.8.4)
      public_suffix (>= 2.0.2, < 6.0)
    ast (2.4.2)
    awesome_print (1.9.2)
    coderay (1.1.3)
    crack (0.4.5)
      rexml
    diff-lcs (1.5.0)
    domain_name (0.5.20190701)
      unf (>= 0.0.5, < 1.0.0)
    faraday (2.7.7)
      faraday-net_http (>= 2.0, < 3.1)
      ruby2_keywords (>= 0.0.4)
    faraday-cookie_jar (0.0.7)
      faraday (>= 0.8.0)
      http-cookie (~> 1.0.0)
    faraday-encoding (0.0.5)
      faraday
    faraday-follow_redirects (0.3.0)
      faraday (>= 1, < 3)
    faraday-gzip (1.0.0)
      faraday (>= 1.0)
      zlib (~> 2.1)
    faraday-http-cache (2.5.0)
      faraday (>= 0.8)
    faraday-net_http (3.0.2)
    faraday-retry (2.2.0)
      faraday (~> 2.0)
    fastimage (2.2.7)
    hashdiff (1.0.1)
    http-cookie (1.0.5)
      domain_name (~> 0.5)
    json (2.6.3)
    method_source (1.0.0)
    mustermann (3.0.0)
      ruby2_keywords (~> 0.0.1)
    nesty (1.0.2)
    nio4r (2.5.9)
    nokogiri (1.14.4-arm64-darwin)
      racc (~> 1.4)
    nokogiri (1.14.4-x86_64-linux)
      racc (~> 1.4)
    parallel (1.23.0)
    parser (3.2.2.1)
      ast (~> 2.4.1)
    pry (0.14.2)
      coderay (~> 1.1)
      method_source (~> 1.0)
    public_suffix (5.0.1)
    puma (6.3.0)
      nio4r (~> 2.0)
    racc (1.6.2)
    rack (2.2.7)
    rack-protection (3.0.6)
      rack
    rainbow (3.1.1)
    rake (13.0.6)
    regexp_parser (2.8.0)
    resolv (0.2.2)
    rexml (3.2.5)
    rspec (3.12.0)
      rspec-core (~> 3.12.0)
      rspec-expectations (~> 3.12.0)
      rspec-mocks (~> 3.12.0)
    rspec-core (3.12.1)
      rspec-support (~> 3.12.0)
    rspec-expectations (3.12.2)
      diff-lcs (>= 1.2.0, < 2.0)
      rspec-support (~> 3.12.0)
    rspec-mocks (3.12.3)
      diff-lcs (>= 1.2.0, < 2.0)
      rspec-support (~> 3.12.0)
    rspec-support (3.12.0)
    rubocop (1.52.0)
      json (~> 2.3)
      parallel (~> 1.10)
      parser (>= 3.2.0.0)
      rainbow (>= 2.2.2, < 4.0)
      regexp_parser (>= 1.8, < 3.0)
      rexml (>= 3.2.5, < 4.0)
      rubocop-ast (>= 1.28.0, < 2.0)
      ruby-progressbar (~> 1.7)
      unicode-display_width (>= 2.4.0, < 3.0)
    rubocop-ast (1.29.0)
      parser (>= 3.2.1.0)
    ruby-progressbar (1.13.0)
    ruby2_keywords (0.0.5)
    sinatra (3.0.6)
      mustermann (~> 3.0)
      rack (~> 2.2, >= 2.2.4)
      rack-protection (= 3.0.6)
      tilt (~> 2.0)
    tilt (2.1.0)
    unf (0.1.4)
      unf_ext
    unf_ext (0.0.8.2)
    unicode-display_width (2.4.2)
    webmock (3.18.1)
      addressable (>= 2.8.0)
      crack (>= 0.3.2)
      hashdiff (>= 0.4.0, < 2.0.0)
    zlib (2.1.1)

PLATFORMS
  arm64-darwin-22
  x86_64-linux

DEPENDENCIES
  awesome_print (~> 1.9)
  metainspector!
  pry (~> 0.14)
  puma (~> 6.3.0)
  rake (~> 13.0)
  resolv (~> 0.2.2)
  rspec (~> 3.11)
  rubocop (~> 1.34)
  sinatra (~> 3.0.6)
  webmock (~> 3.17)

BUNDLED WITH
   2.3.20
